PATH
  remote: .
  specs:
    espeak-ruby (1.1.0)

GEM
  remote: http://rubygems.org/
  specs:
    ast (2.4.2)
    parallel (1.21.0)
    parser (3.0.3.1)
      ast (~> 2.4.1)
    power_assert (2.0.1)
    rainbow (3.0.0)
    rake (13.0.6)
    regexp_parser (2.1.1)
    rexml (3.3.9)
    rubocop (1.23.0)
      parallel (~> 1.10)
      parser (>= 3.0.0.0)
      rainbow (>= 2.2.2, < 4.0)
      regexp_parser (>= 1.8, < 3.0)
      rexml
      rubocop-ast (>= 1.12.0, < 2.0)
      ruby-progressbar (~> 1.7)
      unicode-display_width (>= 1.4.0, < 3.0)
    rubocop-ast (1.13.0)
      parser (>= 3.0.1.1)
    ruby-progressbar (1.11.0)
    test-unit (3.4.6)
      power_assert
    unicode-display_width (2.1.0)

PLATFORMS
  universal-java-11
  x86_64-linux

DEPENDENCIES
  espeak-ruby!
  rake
  rubocop (~> 1.23)
  test-unit

BUNDLED WITH
   2.2.32
